GEM
  remote: http://rubygems.org/
  specs:
    builder (2.1.2)
    edavis10-object_daddy (0.4.3)
    factory_girl (1.3.2)
    fakeweb (1.3.0)
    fast_context (1.0.0)
      shoulda
    happymapper (0.3.2)
      libxml-ruby (~> 1.1.3)
    libxml-ruby (1.1.3)
    mime-types (1.16)
    mocha (0.9.10)
      rake
    nokogiri (1.4.3.1)
    pg (0.9.0)
    pivotal-tracker (0.3.0)
      builder
      happymapper (>= 0.3.2)
      nokogiri (~> 1.4.3.1)
      rest-client (~> 1.6.0)
    rack (1.1.0)
    rack-test (0.5.6)
      rack (>= 1.0)
    rake (0.8.7)
    rest-client (1.6.0)
      mime-types (>= 1.16)
    shoulda (2.11.3)
    sinatra (1.0)
      rack (>= 1.0)
    unicode (0.4.0)
    wirble (0.1.3)

PLATFORMS
  ruby

DEPENDENCIES
  bundler (>= 1.0.7)
  edavis10-object_daddy
  factory_girl (= 1.3.2)
  fakeweb (= 1.3.0)
  fast_context
  libxml-ruby (= 1.1.3)
  mime-types (= 1.16)
  mocha
  pg (= 0.9.0)
  pivotal-tracker (= 0.3.0)
  rack (= 1.1.0)
  rack-test (= 0.5.6)
  rake (= 0.8.7)
  rest-client (= 1.6.0)
  shoulda (= 2.11.3)
  sinatra (= 1.0.0)
  unicode (= 0.4.0)
  wirble
